GEM
  specs:
    minitest (5.14.2)

PLATFORMS
  ruby

DEPENDENCIES
  minitest

BUNDLED WITH
   2.0.2
